PATH
  remote: .
  specs:
    rltk (2.2.1)
      ffi (>= 1.0.0)
      filigree (>= 0.2.0)

GEM
  remote: https://rubygems.org/
  specs:
    coderay (1.0.6)
    ffi (1.0.11)
    ffi_gen (1.1.0)
      ffi (>= 1.0.0)
    filigree (0.2.0)
    flay (2.4.0)
      ruby_parser (~> 3.0)
      sexp_processor (~> 4.0)
    flog (4.2.0)
      ruby_parser (~> 3.1, > 3.1.0)
      sexp_processor (~> 4.4)
    method_source (0.7.1)
    minitest (3.0.1)
    multi_json (1.3.6)
    pry (0.9.9.6)
      coderay (~> 1.0.5)
      method_source (~> 0.7.1)
      slop (>= 2.4.4, < 3)
    rake (0.9.2.2)
    rake-notes (0.0.1)
      rake
    reek (1.3.6)
      ruby2ruby (~> 2.0.7)
      ruby_parser (~> 3.2)
      sexp_processor
    ruby2ruby (2.0.7)
      ruby_parser (~> 3.1)
      sexp_processor (~> 4.0)
    ruby_parser (3.4.1)
      sexp_processor (~> 4.1)
    rubygems-tasks (0.2.3)
    sexp_processor (4.4.1)
    simplecov (0.6.4)
      multi_json (~> 1.0)
      simplecov-html (~> 0.5.3)
    simplecov-html (0.5.3)
    slop (2.4.4)
    yard (0.8.1)

PLATFORMS
  ruby

DEPENDENCIES
  bundler
  ffi_gen (>= 1.1.0)
  flay
  flog
  minitest
  pry
  rake
  rake-notes
  reek
  rltk!
  rubygems-tasks
  simplecov
  yard (>= 0.8.1)
