PATH
  remote: .
  specs:
    rltk (2.0.0)
      ffi (>= 1.0.0)

GEM
  remote: http://rubygems.org/
  specs:
    coderay (1.0.6)
    ffi (1.0.11)
    ffi_gen (1.1.0)
      ffi (>= 1.0.0)
    method_source (0.7.1)
    minitest (3.0.1)
    multi_json (1.3.6)
    pry (0.9.9.6)
      coderay (~> 1.0.5)
      method_source (~> 0.7.1)
      slop (>= 2.4.4, < 3)
    rake (0.9.2.2)
    rubygems-tasks (0.2.3)
    simplecov (0.6.4)
      multi_json (~> 1.0)
      simplecov-html (~> 0.5.3)
    simplecov-html (0.5.3)
    slop (2.4.4)
    yard (0.8.1)

PLATFORMS
  ruby

DEPENDENCIES
  bundler
  ffi_gen (>= 1.1.0)
  minitest
  pry
  rake
  rltk!
  rubygems-tasks
  simplecov
  yard (>= 0.8.1)
